GEM
  remote: http://rubygems.org/
  specs:
    minitest (4.3.2)
    nokogiri (1.5.9)
    rack (1.5.2)
    rack-protection (1.3.2)
      rack
    rack-test (0.6.2)
      rack (>= 1.0)
    rake (10.0.3)
    sequel (3.45.0)
    sinatra (1.3.3)
      rack (~> 1.3, >= 1.3.6)
      rack-protection (~> 1.2)
      tilt (~> 1.3, >= 1.3.3)
    sqlite3 (1.3.7)
    tilt (1.3.3)

PLATFORMS
  ruby

DEPENDENCIES
  minitest
  nokogiri
  rack-test
  rake
  sequel
  sinatra
  sqlite3
