GEM
  remote: http://rubygems.org/
  specs:
    nokogiri (1.5.9)
    rack (1.5.2)
    rack-test (0.6.2)
      rack (>= 1.0)

PLATFORMS
  ruby

DEPENDENCIES
  nokogiri
  rack-test
