GEM
  remote: https://rubygems.org/
  specs:
    gmail (0.4.0)
      gmail_xoauth (>= 0.3.0)
      mail (>= 2.2.1)
      mime (>= 0.1)
    gmail_xoauth (0.4.1)
      oauth (>= 0.3.6)
    hooves (0.7)
      unicorn (> 0)
    i18n (0.6.1)
    kgio (2.7.4)
    mail (2.5.2)
      i18n (>= 0.4.0)
      mime-types (~> 1.16)
      treetop (~> 1.4.8)
    mime (0.1)
    mime-types (1.19)
    minitest (4.3.1)
    oauth (0.4.7)
    polyglot (0.3.3)
    rack (1.4.1)
    raindrops (0.10.0)
    treetop (1.4.12)
      polyglot
      polyglot (>= 0.3.1)
    unicorn (4.4.0)
      kgio (~> 2.6)
      rack
      raindrops (~> 0.7)

PLATFORMS
  ruby

DEPENDENCIES
  gmail
  hooves
  minitest
