GEM
  remote: https://rubygems.org/
  specs:
    columnize (0.3.6)
    debugger (1.2.2)
      columnize (>= 0.3.1)
      debugger-linecache (~> 1.1.1)
      debugger-ruby_core_source (~> 1.1.5)
    debugger-linecache (1.1.2)
      debugger-ruby_core_source (>= 1.1.1)
    debugger-ruby_core_source (1.1.5)
    git (1.2.5)
    gmail (0.4.0)
      gmail_xoauth (>= 0.3.0)
      mail (>= 2.2.1)
      mime (>= 0.1)
    gmail_xoauth (0.4.1)
      oauth (>= 0.3.6)
    i18n (0.6.1)
    m (1.2.1)
      method_source (>= 0.6.7)
      rake (>= 0.9.2.2, < 1.0.0)
    mail (2.5.2)
      i18n (>= 0.4.0)
      mime-types (~> 1.16)
      treetop (~> 1.4.8)
    method_source (0.8.1)
    mime (0.1)
    mime-types (1.19)
    minitest (4.3.1)
    oauth (0.4.7)
    polyglot (0.3.3)
    rake (0.9.5)
    treetop (1.4.12)
      polyglot
      polyglot (>= 0.3.1)

PLATFORMS
  ruby

DEPENDENCIES
  debugger
  git
  gmail
  m
  minitest
